GEM
  remote: http://rubygems.org/
  specs:
    ffi (1.3.0)
    libusb (0.2.2)
      ffi (>= 1.0)

PLATFORMS
  ruby

DEPENDENCIES
  libusb
